GEM
  remote: https://rubygems.org/
  specs:
    google-protobuf (3.24.0)
    googleapis-common-protos-types (1.8.0)
      google-protobuf (~> 3.18)
    grpc (1.53.0)
      google-protobuf (~> 3.21)
      googleapis-common-protos-types (~> 1.0)

PLATFORMS
  ruby

DEPENDENCIES
  grpc (= 1.53.0)

BUNDLED WITH
   2.2.32
